GIT
  remote: https://github.com/benbalter/word-to-markdown
  revision: f5e367bcb723fcdc592fd93a4eaef043c4f53996
  specs:
    word-to-markdown (1.0.0)
      descriptive_statistics (~> 1.1)
      nokogiri-styles (~> 0.1)
      premailer (~> 1.8)
      reverse_markdown (~> 0.5)

GEM
  remote: https://rubygems.org/
  specs:
    activesupport (4.1.1)
      i18n (~> 0.6, >= 0.6.9)
      json (~> 1.7, >= 1.7.7)
      minitest (~> 5.1)
      thread_safe (~> 0.1)
      tzinfo (~> 1.1)
    addressable (2.3.6)
    coffee-script (2.2.0)
      coffee-script-source
      execjs
    coffee-script-source (1.7.0)
    css_parser (1.3.5)
      addressable
    descriptive_statistics (1.1.4)
    execjs (2.0.2)
    github-markdown (0.6.5)
    html-pipeline (1.8.0)
      activesupport (>= 2)
      nokogiri (~> 1.4)
    htmlentities (4.3.1)
    i18n (0.6.9)
    json (1.8.1)
    mini_portile (0.5.3)
    minitest (5.3.3)
    nokogiri (1.6.1)
      mini_portile (~> 0.5.0)
    nokogiri-styles (0.1.2)
      nokogiri
    premailer (1.8.2)
      css_parser (>= 1.3.5)
      htmlentities (>= 4.0.0)
    rack (1.5.2)
    rack-coffee (1.0.3)
      coffee-script
      rack
    rack-protection (1.5.3)
      rack
    reverse_markdown (0.5.1)
      nokogiri
    sinatra (1.4.5)
      rack (~> 1.4)
      rack-protection (~> 1.4)
      tilt (~> 1.3, >= 1.3.4)
    thread_safe (0.3.3)
    tilt (1.4.1)
    tzinfo (1.1.0)
      thread_safe (~> 0.1)

PLATFORMS
  ruby

DEPENDENCIES
  github-markdown
  html-pipeline
  rack-coffee
  sinatra
  word-to-markdown!
